PATH
  remote: .
  specs:
    ad_licenselint (0.0.0)
      cocoapods-core (~> 1.9)
      colorize (~> 0.8)
      terminal-table (~> 1.8)

GEM
  remote: https://rubygems.org/
  specs:
    activesupport (5.2.4.3)
      concurrent-ruby (~> 1.0, >= 1.0.2)
      i18n (>= 0.7, < 2)
      minitest (~> 5.1)
      tzinfo (~> 1.1)
    algoliasearch (1.27.3)
      httpclient (~> 2.8, >= 2.8.3)
      json (>= 1.5.1)
    ansi (1.5.0)
    builder (3.2.4)
    byebug (11.1.3)
    cocoapods-core (1.9.3)
      activesupport (>= 4.0.2, < 6)
      algoliasearch (~> 1.0)
      concurrent-ruby (~> 1.1)
      fuzzy_match (~> 2.0.4)
      nap (~> 1.0)
      netrc (~> 0.11)
      typhoeus (~> 1.0)
    colorize (0.8.1)
    concurrent-ruby (1.1.6)
    ethon (0.12.0)
      ffi (>= 1.3.0)
    ffi (1.13.1)
    fuzzy_match (2.0.4)
    httpclient (2.8.3)
    i18n (1.8.5)
      concurrent-ruby (~> 1.0)
    json (2.3.1)
    minitest (5.14.1)
    minitest-reporters (1.4.2)
      ansi
      builder
      minitest (>= 5.0)
      ruby-progressbar
    nap (1.1.0)
    netrc (0.11.0)
    rake (12.3.3)
    ruby-progressbar (1.10.1)
    terminal-table (1.8.0)
      unicode-display_width (~> 1.1, >= 1.1.1)
    thread_safe (0.3.6)
    typhoeus (1.4.0)
      ethon (>= 0.9.0)
    tzinfo (1.2.7)
      thread_safe (~> 0.1)
    unicode-display_width (1.7.0)

PLATFORMS
  ruby

DEPENDENCIES
  ad_licenselint!
  bundler (>= 1.12.0, < 3.0.0)
  byebug (~> 11.0)
  minitest (~> 5.11)
  minitest-reporters (~> 1.3)
  rake (~> 12.3)

BUNDLED WITH
   2.1.4
