PATH
  remote: .
  specs:
    ad_licenselint (0.0.0)
      colorize (~> 0.8)
      terminal-table (~> 1.8)

GEM
  remote: https://rubygems.org/
  specs:
    ansi (1.5.0)
    builder (3.2.4)
    byebug (11.1.3)
    colorize (0.8.1)
    minitest (5.14.1)
    minitest-reporters (1.4.2)
      ansi
      builder
      minitest (>= 5.0)
      ruby-progressbar
    rake (12.3.3)
    ruby-progressbar (1.10.1)
    terminal-table (1.8.0)
      unicode-display_width (~> 1.1, >= 1.1.1)
    unicode-display_width (1.7.0)

PLATFORMS
  ruby

DEPENDENCIES
  ad_licenselint!
  bundler (>= 1.12.0, < 3.0.0)
  byebug (~> 11.0)
  minitest (~> 5.11)
  minitest-reporters (~> 1.3)
  rake (~> 12.3)

BUNDLED WITH
   2.1.4
